GEM
  remote: https://rubygems.org/
  specs:
    activemodel (4.1.8)
      activesupport (= 4.1.8)
      builder (~> 3.1)
    activesupport (4.1.8)
      i18n (~> 0.6, >= 0.6.9)
      json (~> 1.7, >= 1.7.7)
      minitest (~> 5.1)
      thread_safe (~> 0.1)
      tzinfo (~> 1.1)
    builder (3.2.2)
    climate_control (0.0.3)
      activesupport (>= 3.0)
    cocaine (0.5.5)
      climate_control (>= 0.0.3, < 1.0)
    faker (1.4.3)
      i18n (~> 0.5)
    i18n (0.6.11)
    json (1.8.1)
    mime-types (2.4.3)
    mini_portile (0.6.1)
    minitest (5.4.3)
    nokogiri (1.6.5)
      mini_portile (~> 0.6.0)
    paperclip (4.2.1)
      activemodel (>= 3.0.0)
      activesupport (>= 3.0.0)
      cocaine (~> 0.5.3)
      mime-types
    ruby-ole (1.2.11.7)
    rubyzip (1.1.6)
    spreadsheet (1.0.0)
      ruby-ole (>= 1.0)
    thread_safe (0.3.4)
    tzinfo (1.2.2)
      thread_safe (~> 0.1)

PLATFORMS
  ruby

DEPENDENCIES
  faker
  nokogiri
  paperclip (~> 4.1)
  rubyzip
  spreadsheet
